{
    "TaskName": "ReMind",
    "Manufacturer": "BioSemi",
    "PowerLineFrequency": 60,
    "SamplingFrequency": 256.0,
    "SoftwareFilters": "n/a",
    "RecordingDuration": 664.99609375,
    "RecordingType": "continuous",
    "EEGReference": "CMS/DRL",
    "EEGGround": "CMS/DRL",
    "EEGPlacementScheme": "BioSemi 64 system",
    "EEGChannelCount": 64,
    "EOGChannelCount": 0,
    "ECGChannelCount": 0,
    "EMGChannelCount": 0,
    "MiscChannelCount": 0,
    "TriggerChannelCount": 0,
    "ManufacturersModelName": "ActiveTwo",
    "StoryName": "serena_williams"
}
